PATH
  remote: .
  specs:
    cbween_edr_agent (0.1.0)
      etc (= 1.4.5)
      fileutils (= 0.7.2)
      semantic_logger (= 4.16.0)

GEM
  remote: https://rubygems.org/
  specs:
    ansi (1.5.0)
    builder (3.3.0)
    concurrent-ruby (1.3.4)
    etc (1.4.5)
    fileutils (0.7.2)
    minitest (5.25.4)
    minitest-reporters (1.7.1)
      ansi
      builder
      minitest (>= 5.0)
      ruby-progressbar
    rake (13.2.1)
    ruby-progressbar (1.13.0)
    semantic_logger (4.16.0)
      concurrent-ruby (~> 1.0)

PLATFORMS
  arm64-darwin-23
  ruby

DEPENDENCIES
  bundler
  cbween_edr_agent!
  minitest (~> 5.16)
  minitest-reporters (>= 1.1)
  rake (~> 13.0)

BUNDLED WITH
   2.6.1
