PATH
  remote: .
  specs:
    cbween_edr_agent (0.1.0)
      etc (= 1.4.5)
      fileutils (= 0.7.2)
      httparty (= 0.22.0)
      semantic_logger (= 4.16.0)

GEM
  remote: https://rubygems.org/
  specs:
    addressable (2.8.7)
      public_suffix (>= 2.0.2, < 7.0)
    ansi (1.5.0)
    bigdecimal (3.1.9)
    builder (3.3.0)
    concurrent-ruby (1.3.4)
    crack (1.0.0)
      bigdecimal
      rexml
    csv (3.3.2)
    etc (1.4.5)
    fileutils (0.7.2)
    hashdiff (1.1.2)
    httparty (0.22.0)
      csv
      mini_mime (>= 1.0.0)
      multi_xml (>= 0.5.2)
    mini_mime (1.1.5)
    minitest (5.25.4)
    minitest-reporters (1.7.1)
      ansi
      builder
      minitest (>= 5.0)
      ruby-progressbar
    multi_xml (0.7.1)
      bigdecimal (~> 3.1)
    public_suffix (6.0.1)
    rake (13.2.1)
    rexml (3.4.0)
    ruby-progressbar (1.13.0)
    semantic_logger (4.16.0)
      concurrent-ruby (~> 1.0)
    webmock (3.24.0)
      addressable (>= 2.8.0)
      crack (>= 0.3.2)
      hashdiff (>= 0.4.0, < 2.0.0)

PLATFORMS
  arm64-darwin-23
  ruby

DEPENDENCIES
  bundler (~> 2.6.1)
  cbween_edr_agent!
  minitest (~> 5.16)
  minitest-reporters (~> 1.1)
  rake (~> 13.0)
  webmock (~> 3.24.0)

BUNDLED WITH
   2.6.1
